GEM
  remote: http://rubygems.org/
  specs:
    chunky_png (1.3.5)
    compass (0.12.2)
      chunky_png (~> 1.2)
      fssm (>= 0.2.7)
      sass (~> 3.1)
    fssm (0.2.10)
    sass (3.2.14)

PLATFORMS
  ruby
  x64-mingw32

DEPENDENCIES
  compass (= 0.12.2)
  sass (= 3.2.14)

BUNDLED WITH
   1.15.1
